PATH
  remote: .
  specs:
    string_to_sha1 (0.1.0)

GEM
  remote: https://rubygems.org/
  specs:
    guard-compat (1.2.1)
    guard-minitest (2.4.6)
      guard-compat (~> 1.2)
      minitest (>= 3.0)
    minitest (5.11.3)
    rake (10.5.0)

PLATFORMS
  ruby

DEPENDENCIES
  bundler (~> 2.0)
  guard-minitest
  minitest
  rake (~> 10.0)
  string_to_sha1!

BUNDLED WITH
   2.0.1
